GEM
  remote: https://rubygems.org/
  specs:
    excon (0.44.1)
    sequel (4.19.0)
    sqlite3 (1.3.10)

PLATFORMS
  ruby

DEPENDENCIES
  excon
  sequel
  sqlite3
